GIT
  remote: https://github.com/edavis10/convertkit-ruby.git
  revision: 2b10dfc5a5ed851bf5244671abbe298488b13d78
  branch: remove-tag-from-subscriber
  specs:
    convertkit-ruby (0.0.2)
      faraday (>= 0.9.2)
      faraday_middleware (~> 0.10.0)
      json (>= 1.8.3)

GEM
  remote: https://rubygems.org/
  specs:
    coderay (1.1.2)
    faraday (0.14.0)
      multipart-post (>= 1.2, < 3)
    faraday_middleware (0.10.1)
      faraday (>= 0.7.4, < 1.0)
    json (2.1.0)
    method_source (0.9.0)
    multipart-post (2.0.0)
    pry (0.11.3)
      coderay (~> 1.1.0)
      method_source (~> 0.9.0)

PLATFORMS
  ruby

DEPENDENCIES
  convertkit-ruby!
  pry

BUNDLED WITH
   1.16.0
